GEM
  remote: https://rubygems.org/
  specs:
    activesupport (4.2.6)
      i18n (~> 0.7)
      json (~> 1.7, >= 1.7.7)
      minitest (~> 5.1)
      thread_safe (~> 0.3, >= 0.3.4)
      tzinfo (~> 1.1)
    addressable (2.3.8)
    auth0 (4.1.0)
      rest-client (~> 1.8.0)
    bson (4.1.1)
    bson_ext (1.5.1)
    codeclimate-test-reporter (0.4.8)
      simplecov (>= 0.7.1, < 1.0.0)
    diff-lcs (1.2.5)
    docile (1.1.5)
    domain_name (0.5.24)
      unf (>= 0.0.5, < 1.0.0)
    factory_girl (4.5.0)
      activesupport (>= 3.0.0)
    faraday (0.9.1)
      multipart-post (>= 1.2, < 3)
    git (1.2.9.1)
    http-cookie (1.0.2)
      domain_name (~> 0.5)
    i18n (0.7.0)
    json (1.8.3)
    jwt (1.5.6)
    mime-types (2.6.2)
    minitest (5.8.4)
    mongo (2.3.0)
      bson (~> 4.1)
    multipart-post (2.0.0)
    mumukit-auth (1.0.0)
      auth0
      jwt
      mumukit-core (~> 0.2)
    mumukit-bridge (1.3.1)
      mumukit-core (~> 0.1)
      rest-client
    mumukit-core (0.2.0)
      activesupport (~> 4.1)
      i18n (~> 0.7)
      rack (~> 1.5)
    mumukit-service (0.3.0)
      bson_ext
      mongo (~> 2.1)
      mumukit-core (~> 0.2)
      puma
      sinatra
      sinatra-cross_origin (~> 0.3.1)
    netrc (0.10.3)
    octokit (4.1.0)
      sawyer (~> 0.6.0, >= 0.5.3)
    puma (3.4.0)
    rack (1.6.4)
    rack-protection (1.5.3)
      rack
    rack-test (0.6.3)
      rack (>= 1.0)
    rake (10.4.2)
    rest-client (1.8.0)
      http-cookie (>= 1.0.2, < 2.0)
      mime-types (>= 1.16, < 3.0)
      netrc (~> 0.7)
    rspec (2.99.0)
      rspec-core (~> 2.99.0)
      rspec-expectations (~> 2.99.0)
      rspec-mocks (~> 2.99.0)
    rspec-core (2.99.2)
    rspec-expectations (2.99.2)
      diff-lcs (>= 1.1.3, < 2.0)
    rspec-mocks (2.99.4)
    sawyer (0.6.0)
      addressable (~> 2.3.5)
      faraday (~> 0.8, < 0.10)
    simplecov (0.10.0)
      docile (~> 1.1.0)
      json (~> 1.8)
      simplecov-html (~> 0.10.0)
    simplecov-html (0.10.0)
    sinatra (1.4.7)
      rack (~> 1.5)
      rack-protection (~> 1.4)
      tilt (>= 1.3, < 3)
    sinatra-cross_origin (0.3.2)
    thread_safe (0.3.5)
    tilt (2.0.5)
    tzinfo (1.2.2)
      thread_safe (~> 0.1)
    unf (0.1.4)
      unf_ext
    unf_ext (0.0.7.1)

PLATFORMS
  ruby

DEPENDENCIES
  codeclimate-test-reporter
  factory_girl
  git
  mumukit-auth (~> 1.0)
  mumukit-bridge (~> 1.3)
  mumukit-core (~> 0.2)
  mumukit-service (~> 0.3)
  octokit (~> 4.1)
  puma
  rack-test
  rake
  rest-client
  rspec (~> 2.99)

BUNDLED WITH
   1.11.2
