GEM
  remote: https://rubygems.org/
  specs:
    bson (3.2.6)
    bson_ext (1.5.1)
    diff-lcs (1.2.5)
    mongo (2.1.2)
      bson (~> 3.0)
    rack (1.6.4)
    rack-protection (1.5.3)
      rack
    rake (10.4.2)
    rspec (2.13.0)
      rspec-core (~> 2.13.0)
      rspec-expectations (~> 2.13.0)
      rspec-mocks (~> 2.13.0)
    rspec-core (2.13.1)
    rspec-expectations (2.13.0)
      diff-lcs (>= 1.1.3, < 2.0)
    rspec-mocks (2.13.1)
    sinatra (1.4.6)
      rack (~> 1.4)
      rack-protection (~> 1.4)
      tilt (>= 1.3, < 3)
    tilt (2.0.1)

PLATFORMS
  ruby

DEPENDENCIES
  bson_ext
  mongo (~> 2.1)
  rake
  rspec (= 2.13)
  sinatra

BUNDLED WITH
   1.10.6
