GEM
  remote: https://rubygems.org/
  specs:
    activemodel (5.1.5)
      activesupport (= 5.1.5)
    activesupport (5.1.5)
      concurrent-ruby (~> 1.0, >= 1.0.2)
      i18n (~> 0.7)
      minitest (~> 5.1)
      tzinfo (~> 1.1)
    addressable (2.3.8)
    amq-protocol (2.3.0)
    backports (3.6.8)
    bson (4.2.1)
    bson_ext (1.5.1)
    bunny (2.9.2)
      amq-protocol (~> 2.3.0)
    codeclimate-test-reporter (0.4.8)
      simplecov (>= 0.7.1, < 1.0.0)
    coderay (1.1.2)
    concurrent-ruby (1.0.5)
    diff-lcs (1.2.5)
    docile (1.1.5)
    domain_name (0.5.24)
      unf (>= 0.0.5, < 1.0.0)
    factory_girl (4.5.0)
      activesupport (>= 3.0.0)
    faraday (0.9.2)
      multipart-post (>= 1.2, < 3)
    git (1.2.9.1)
    hashie (3.5.7)
    http-cookie (1.0.2)
      domain_name (~> 0.5)
    i18n (0.9.5)
      concurrent-ruby (~> 1.0)
    json (1.8.6)
    jwt (1.5.6)
    method_source (0.9.0)
    mime-types (2.6.2)
    mini_portile2 (2.3.0)
    minitest (5.11.3)
    mongo (2.4.1)
      bson (>= 4.2.1, < 5.0.0)
    multi_json (1.12.1)
    multi_xml (0.6.0)
    multipart-post (2.0.0)
    mumukit-assistant (0.1.1)
      mumukit-core (~> 1.3)
    mumukit-auth (7.2.0)
      jwt (~> 1.5)
      mumukit-core (~> 1.0)
    mumukit-bridge (3.5.0)
      mumukit-core (~> 1.0)
      rest-client
    mumukit-content-type (1.3.0)
      mumukit-core (~> 1.0)
      redcarpet (~> 3.3.2)
      rouge (~> 3.1)
    mumukit-core (1.3.0)
      activesupport (>= 4.1)
      i18n (~> 0.7)
      rack (>= 1.5)
    mumukit-inspection (3.2.1)
      mumukit-core (>= 0.1, < 2)
    mumukit-login (5.2.0)
      addressable
      mumukit-auth (~> 7.0)
      mumukit-core (~> 1.1)
      mumukit-platform (~> 1.1)
      omniauth (~> 1.2)
      omniauth-auth0 (~> 1.1)
      omniauth-saml (~> 1.6)
      rack (>= 1.5)
    mumukit-nuntius (6.1.0)
      bunny (~> 2.3)
      mumukit-core (~> 1.0)
    mumukit-platform (1.6.0)
      activemodel (>= 4.0)
      mumukit-auth (~> 7.0)
      mumukit-bridge (~> 3.5)
      mumukit-core (~> 1.2)
      mumukit-nuntius (~> 6.0)
    mumukit-randomizer (1.0.0)
      activesupport
    mumukit-service (3.0.0)
      bson_ext
      mongo (~> 2.1)
      mumukit-core (~> 1.0)
      puma
      sinatra
      sinatra-cross_origin (~> 0.3.1)
    netrc (0.10.3)
    nokogiri (1.8.4)
      mini_portile2 (~> 2.3.0)
    oauth2 (1.4.0)
      faraday (>= 0.8, < 0.13)
      jwt (~> 1.0)
      multi_json (~> 1.3)
      multi_xml (~> 0.5)
      rack (>= 1.2, < 3)
    octokit (4.1.0)
      sawyer (~> 0.6.0, >= 0.5.3)
    omniauth (1.8.1)
      hashie (>= 3.4.6, < 3.6.0)
      rack (>= 1.6.2, < 3)
    omniauth-auth0 (1.4.2)
      omniauth-oauth2 (~> 1.1)
    omniauth-oauth2 (1.5.0)
      oauth2 (~> 1.1)
      omniauth (~> 1.2)
    omniauth-saml (1.10.1)
      omniauth (~> 1.3, >= 1.3.2)
      ruby-saml (~> 1.7)
    pry (0.11.3)
      coderay (~> 1.1.0)
      method_source (~> 0.9.0)
    puma (3.7.1)
    rack (1.6.10)
    rack-protection (1.5.5)
      rack
    rack-test (0.6.3)
      rack (>= 1.0)
    rake (10.4.2)
    redcarpet (3.3.4)
    rest-client (1.8.0)
      http-cookie (>= 1.0.2, < 2.0)
      mime-types (>= 1.16, < 3.0)
      netrc (~> 0.7)
    rouge (3.1.1)
    rspec (2.99.0)
      rspec-core (~> 2.99.0)
      rspec-expectations (~> 2.99.0)
      rspec-mocks (~> 2.99.0)
    rspec-core (2.99.2)
    rspec-expectations (2.99.2)
      diff-lcs (>= 1.1.3, < 2.0)
    rspec-mocks (2.99.4)
    ruby-saml (1.8.0)
      nokogiri (>= 1.5.10)
    sawyer (0.6.0)
      addressable (~> 2.3.5)
      faraday (~> 0.8, < 0.10)
    simplecov (0.10.0)
      docile (~> 1.1.0)
      json (~> 1.8)
      simplecov-html (~> 0.10.0)
    simplecov-html (0.10.0)
    sinatra (1.4.8)
      rack (~> 1.5)
      rack-protection (~> 1.4)
      tilt (>= 1.3, < 3)
    sinatra-contrib (1.4.7)
      backports (>= 2.0)
      multi_json
      rack-protection
      rack-test
      sinatra (~> 1.4.0)
      tilt (>= 1.3, < 3)
    sinatra-cross_origin (0.3.2)
    thread_safe (0.3.6)
    tilt (2.0.6)
    tzinfo (1.2.5)
      thread_safe (~> 0.1)
    unf (0.1.4)
      unf_ext
    unf_ext (0.0.7.1)

PLATFORMS
  ruby

DEPENDENCIES
  codeclimate-test-reporter
  factory_girl
  git
  mumukit-assistant (~> 0.1)
  mumukit-auth (~> 7.0)
  mumukit-bridge (~> 3.5)
  mumukit-content-type (~> 1.3)
  mumukit-core (~> 1.1)
  mumukit-inspection (~> 3.2)
  mumukit-login (~> 5.2.0)
  mumukit-nuntius (~> 6.1)
  mumukit-platform (~> 1.6)
  mumukit-randomizer (~> 1.0)
  mumukit-service (~> 3.0)
  octokit (~> 4.1)
  pry
  puma
  rack-test
  rake
  rest-client
  rspec (~> 2.99)
  sinatra-contrib

BUNDLED WITH
   1.16.1
