GIT
  remote: git://github.com/mumuki/mumukit-auth.git
  revision: 422a50b49b7617dc2188ae8cbae30e8ed42befa4
  branch: master
  specs:
    mumukit-auth (0.1.0)
      activesupport
      jwt

GIT
  remote: git://github.com/mumuki/mumukit-bridge.git
  revision: e3b6abf420976ba50d76cf3f7f463c01f7a44343
  tag: v0.4.0
  specs:
    mumukit-bridge (0.4.0)
      activesupport
      rest-client

GIT
  remote: git://github.com/mumuki/mumukit-service.git
  revision: ac7e1f81463d8685b550a8ebf9bf1b4dc54cfe78
  branch: master
  specs:
    mumukit-service (0.1.0)
      activesupport (~> 4.2)
      bson_ext
      mongo (~> 2.1)
      puma
      sinatra
      sinatra-cross_origin (~> 0.3.1)

GEM
  remote: https://rubygems.org/
  specs:
    activesupport (4.2.5)
      i18n (~> 0.7)
      json (~> 1.7, >= 1.7.7)
      minitest (~> 5.1)
      thread_safe (~> 0.3, >= 0.3.4)
      tzinfo (~> 1.1)
    addressable (2.3.8)
    bson (4.0.3)
    bson_ext (1.5.1)
    codeclimate-test-reporter (0.4.8)
      simplecov (>= 0.7.1, < 1.0.0)
    daemons (1.2.3)
    diff-lcs (1.2.5)
    docile (1.1.5)
    domain_name (0.5.24)
      unf (>= 0.0.5, < 1.0.0)
    eventmachine (1.0.9)
    factory_girl (4.5.0)
      activesupport (>= 3.0.0)
    faraday (0.9.1)
      multipart-post (>= 1.2, < 3)
    git (1.2.9.1)
    http-cookie (1.0.2)
      domain_name (~> 0.5)
    i18n (0.7.0)
    json (1.8.3)
    jwt (1.5.2)
    mime-types (2.6.2)
    minitest (5.8.3)
    mongo (2.2.4)
      bson (~> 4.0)
    multipart-post (2.0.0)
    netrc (0.10.3)
    octokit (4.1.0)
      sawyer (~> 0.6.0, >= 0.5.3)
    puma (3.0.2)
    rack (1.6.4)
    rack-protection (1.5.3)
      rack
    rack-test (0.6.3)
      rack (>= 1.0)
    rake (10.4.2)
    rest-client (1.8.0)
      http-cookie (>= 1.0.2, < 2.0)
      mime-types (>= 1.16, < 3.0)
      netrc (~> 0.7)
    rspec (2.99.0)
      rspec-core (~> 2.99.0)
      rspec-expectations (~> 2.99.0)
      rspec-mocks (~> 2.99.0)
    rspec-core (2.99.2)
    rspec-expectations (2.99.2)
      diff-lcs (>= 1.1.3, < 2.0)
    rspec-mocks (2.99.4)
    sawyer (0.6.0)
      addressable (~> 2.3.5)
      faraday (~> 0.8, < 0.10)
    simplecov (0.10.0)
      docile (~> 1.1.0)
      json (~> 1.8)
      simplecov-html (~> 0.10.0)
    simplecov-html (0.10.0)
    sinatra (1.4.7)
      rack (~> 1.5)
      rack-protection (~> 1.4)
      tilt (>= 1.3, < 3)
    sinatra-cross_origin (0.3.2)
    thin (1.6.4)
      daemons (~> 1.0, >= 1.0.9)
      eventmachine (~> 1.0, >= 1.0.4)
      rack (~> 1.0)
    thread_safe (0.3.5)
    tilt (2.0.2)
    tzinfo (1.2.2)
      thread_safe (~> 0.1)
    unf (0.1.4)
      unf_ext
    unf_ext (0.0.7.1)

PLATFORMS
  ruby

DEPENDENCIES
  codeclimate-test-reporter
  factory_girl
  git
  mumukit-auth!
  mumukit-bridge!
  mumukit-service!
  octokit (~> 4.1)
  rack-test
  rake
  rest-client
  rspec (~> 2.99)
  thin

BUNDLED WITH
   1.11.2
